GIT
  remote: git://github.com/algorich/find_by_param.git
  revision: 750353f89fd65f7a27c96500941b9f15d726ec4b
  specs:
    find_by_param (0.1.0)
      activerecord (~> 3.0.3)
      activesupport (~> 3.0.3)

GEM
  remote: http://rubygems.org/
  specs:
    RedCloth (4.2.7)
    abstract (1.0.0)
    actionmailer (3.0.7)
      actionpack (= 3.0.7)
      mail (~> 2.2.15)
    actionpack (3.0.7)
      activemodel (= 3.0.7)
      activesupport (= 3.0.7)
      builder (~> 2.1.2)
      erubis (~> 2.6.6)
      i18n (~> 0.5.0)
      rack (~> 1.2.1)
      rack-mount (~> 0.6.14)
      rack-test (~> 0.5.7)
      tzinfo (~> 0.3.23)
    activemodel (3.0.7)
      activesupport (= 3.0.7)
      builder (~> 2.1.2)
      i18n (~> 0.5.0)
    activerecord (3.0.7)
      activemodel (= 3.0.7)
      activesupport (= 3.0.7)
      arel (~> 2.0.2)
      tzinfo (~> 0.3.23)
    activeresource (3.0.7)
      activemodel (= 3.0.7)
      activesupport (= 3.0.7)
    activesupport (3.0.7)
    acts_as_list (0.1.2)
    acts_as_markup (1.3.4)
      RedCloth (~> 4.2)
      activerecord (>= 2.3.2)
      activesupport (>= 2.3.2)
      rdiscount (~> 1.3)
      wikitext (~> 2.0)
    arel (2.0.9)
    authlogic (3.0.2)
      activerecord (~> 3.0.7)
      activerecord (~> 3.0.7)
    aws-s3 (0.6.2)
      builder
      mime-types
      xml-simple
    builder (2.1.2)
    erubis (2.6.6)
      abstract (>= 1.0.0)
    factory_girl (1.3.3)
    factory_girl_rails (1.0.1)
      factory_girl (~> 1.3)
      railties (>= 3.0.0)
    globalize3 (0.0.11)
      activemodel (>= 3.0.0)
      activerecord (>= 3.0.0)
    http_accept_language (1.0.1)
    i18n (0.5.0)
    i18n_routing (0.4.7)
      i18n (> 0.3.5)
    mail (2.2.19)
      activesupport (>= 2.3.6)
      i18n (>= 0.4.0)
      mime-types (~> 1.16)
      treetop (~> 1.4.8)
    memcached-northscale (0.19.5.4)
    mime-types (1.16)
    paperclip (2.3.8)
      activerecord
      activesupport
    polyglot (0.3.1)
    rack (1.2.2)
    rack-mount (0.6.14)
      rack (>= 1.0.0)
    rack-test (0.5.7)
      rack (>= 1.0)
    rails (3.0.7)
      actionmailer (= 3.0.7)
      actionpack (= 3.0.7)
      activerecord (= 3.0.7)
      activeresource (= 3.0.7)
      activesupport (= 3.0.7)
      bundler (~> 1.0)
      railties (= 3.0.7)
    railties (3.0.7)
      actionpack (= 3.0.7)
      activesupport (= 3.0.7)
      rake (>= 0.8.7)
      thor (~> 0.14.4)
    rake (0.8.7)
    rdiscount (1.6.8)
    right_aws (2.1.0)
      right_http_connection (>= 1.2.5)
    right_http_connection (1.3.0)
    shoulda (2.11.3)
    sqlite3 (1.3.3)
    thor (0.14.6)
    treetop (1.4.9)
      polyglot (>= 0.3.1)
    tzinfo (0.3.27)
    wikitext (2.1.1)
    xml-simple (1.0.15)

PLATFORMS
  ruby

DEPENDENCIES
  RedCloth
  acts_as_list
  acts_as_markup
  authlogic
  aws-s3
  factory_girl_rails
  find_by_param!
  globalize3
  http_accept_language
  i18n_routing
  memcached-northscale
  paperclip
  rails (= 3.0.7)
  right_aws
  shoulda
  sqlite3
